GEM
  remote: https://rubygems.org/
  specs:
    mathn (0.1.0)

PLATFORMS
  ruby

DEPENDENCIES
  mathn

RUBY VERSION
   ruby 2.6.0p-1

BUNDLED WITH
   1.16.2
